PATH
  remote: .
  specs:
    nokogiri-plist (0.5.0)
      nokogiri

GEM
  remote: https://rubygems.org/
  specs:
    mini_portile (0.6.2)
    mocha (0.9.12)
    nokogiri (1.6.6.2)
      mini_portile (~> 0.6.0)
    rake (0.9.6)
    shoulda (2.11.3)

PLATFORMS
  ruby

DEPENDENCIES
  mocha
  nokogiri-plist!
  rake
  shoulda

BUNDLED WITH
   1.10.6
