PATH
  remote: .
  specs:
    nokogiri-plist (0.5.0)
      nokogiri

GEM
  remote: https://rubygems.org/
  specs:
    mini_portile2 (2.5.0)
    mocha (0.9.12)
    nokogiri (1.11.3)
      mini_portile2 (~> 2.5.0)
      racc (~> 1.4)
    racc (1.5.2)
    rake (13.0.3)
    shoulda (2.11.3)

PLATFORMS
  ruby

DEPENDENCIES
  mocha
  nokogiri-plist!
  rake
  shoulda

BUNDLED WITH
   1.10.6
